GEM
  remote: https://rubygems.org/
  specs:
    backports (3.23.0)
    date (3.2.2)
    erubis (2.7.0)
    fileutils (1.6.0)
    minitest (5.16.0)
    multi_json (1.15.0)
    rack (1.6.13)
    rack-protection (1.5.5)
      rack
    rack-test (1.1.0)
      rack (>= 1.0, < 3)
    sinatra (1.4.8)
      rack (~> 1.5)
      rack-protection (~> 1.4)
      tilt (>= 1.3, < 3)
    sinatra-contrib (1.4.7)
      backports (>= 2.0)
      multi_json
      rack-protection
      rack-test
      sinatra (~> 1.4.0)
      tilt (>= 1.3, < 3)
    street_address (1.0.0)
    tilt (2.0.10)
    uri (0.11.0)
    yaml (0.2.0)

PLATFORMS
  ruby

DEPENDENCIES
  date
  erubis
  fileutils
  minitest
  rack-test
  sinatra (~> 1.4.7)
  sinatra-contrib
  street_address
  uri
  yaml

RUBY VERSION
   ruby 2.7.6p219

BUNDLED WITH
   2.1.4
